GIT
  remote: git://github.com/HipByte/Flow.git
  revision: 7e0066156efff2827fe19224956273abaaa4523f
  specs:
    motion-flow (0.2)

GIT
  remote: git://github.com/rubymotion/motion-support.git
  revision: e2afaeab1088f7436c9385aa1201da3e718090a4
  specs:
    motion-support (0.3.0)
      motion-require (>= 0.0.6)

GIT
  remote: git://github.com/rubymotion/sugarcube.git
  revision: 15ae59f1ab40561aff911c4cce376d022d2edebe
  specs:
    sugarcube (3.3.7)

GIT
  remote: git://github.com/webcracy/motion-sparkle.git
  revision: 64b08fbfd0f288239a5620a1f1f821a58835e485
  specs:
    motion-sparkle (0.0.5)

GEM
  remote: https://rubygems.org/
  specs:
    MotionLocalize (0.0.3)
    activesupport (4.2.5.1)
      i18n (~> 0.7)
      json (~> 1.7, >= 1.7.7)
      minitest (~> 5.1)
      thread_safe (~> 0.3, >= 0.3.4)
      tzinfo (~> 1.1)
    builder (3.2.2)
    cdq (1.0.8)
      motion-yaml (= 1.4)
      ruby-xcdm (>= 0.0.9)
    claide (0.9.1)
    cocoapods (0.39.0)
      activesupport (>= 4.0.2)
      claide (~> 0.9.1)
      cocoapods-core (= 0.39.0)
      cocoapods-downloader (~> 0.9.3)
      cocoapods-plugins (~> 0.4.2)
      cocoapods-search (~> 0.1.0)
      cocoapods-stats (~> 0.6.2)
      cocoapods-trunk (~> 0.6.4)
      cocoapods-try (~> 0.5.1)
      colored (~> 1.2)
      escape (~> 0.0.4)
      molinillo (~> 0.4.0)
      nap (~> 1.0)
      xcodeproj (~> 0.28.2)
    cocoapods-core (0.39.0)
      activesupport (>= 4.0.2)
      fuzzy_match (~> 2.0.4)
      nap (~> 1.0)
    cocoapods-downloader (0.9.3)
    cocoapods-plugins (0.4.2)
      nap
    cocoapods-search (0.1.0)
    cocoapods-stats (0.6.2)
    cocoapods-trunk (0.6.4)
      nap (>= 0.8, < 2.0)
      netrc (= 0.7.8)
    cocoapods-try (0.5.1)
    colored (1.2)
    dbt (1.1.5)
    dotenv (2.1.0)
    escape (0.0.4)
    fuzzy_match (2.0.4)
    i18n (0.7.0)
    json (1.8.3)
    minitest (5.8.4)
    molinillo (0.4.2)
    motion-cocoapods (1.7.8)
      cocoapods (>= 0.34)
    motion-env (0.0.4)
    motion-fileutils (0.1.1)
    motion-kit (0.18.0)
      dbt (~> 1.1.5)
    motion-kit-events (0.3.1)
      dbt
      motion-kit
    motion-require (0.2.0)
    motion-yaml (1.4)
    motion_print (1.2.0)
    nap (1.1.0)
    netrc (0.7.8)
    plist (3.2.0)
    rake (10.5.0)
    redcarpet (3.3.4)
    ruby-xcdm (0.0.9)
      activesupport (~> 4.1)
      builder (~> 3.2)
      plist (~> 3.1)
    thread_safe (0.3.5)
    tzinfo (1.2.2)
      thread_safe (~> 0.1)
    xcodeproj (0.28.2)
      activesupport (>= 3)
      claide (~> 0.9.1)
      colored (~> 1.2)

PLATFORMS
  ruby

DEPENDENCIES
  MotionLocalize
  cdq
  dotenv
  motion-cocoapods
  motion-env
  motion-fileutils
  motion-flow!
  motion-kit (= 0.18.0)
  motion-kit-events
  motion-sparkle!
  motion-support!
  motion_print
  rake
  redcarpet
  sugarcube!

BUNDLED WITH
   1.11.2
